GEM
  remote: http://rubygems.org/
  specs:
    pdfkit (0.5.2)
    rack (1.6.11)
    rack-protection (1.5.5)
      rack
    rake (0.9.2.2)
    redcarpet (2.1.1)
    sinatra (1.3.3)
      rack (~> 1.3, >= 1.3.6)
      rack-protection (~> 1.2)
      tilt (~> 1.3, >= 1.3.3)
    tilt (1.3.3)

PLATFORMS
  ruby

DEPENDENCIES
  pdfkit
  rake
  redcarpet (~> 2.0)
  sinatra
